GIT
  remote: https://github.com/eventmachine/eventmachine.git
  revision: 9cb13a8a62363df5ebcc414169a3deb2c1608528
  tag: v1.2.7
  specs:
    eventmachine (1.2.7)

GEM
  remote: https://www.rubygems.org/
  specs:
    appium_console (2.13.0)
      appium_lib (> 11.0)
      bond (~> 0.5)
      pry (~> 0.13.0)
      spec (~> 5.3, >= 5.3.1)
      thor (>= 0.19, < 2.0)
    appium_lib (12.0.1)
      appium_lib_core (~> 5.0)
      nokogiri (~> 1.8, >= 1.8.1)
      tomlrb (>= 1.1, < 3.0)
    appium_lib_core (5.1.2)
      faye-websocket (~> 0.11.0)
      selenium-webdriver (~> 4.0, < 4.2)
    ast (2.4.2)
    bond (0.5.1)
    builder (3.2.4)
    childprocess (4.1.0)
    chronic_duration (0.10.6)
      numerizer (~> 0.1.1)
    coderay (1.1.3)
    cucumber (8.0.0)
      builder (~> 3.2, >= 3.2.4)
      cucumber-ci-environment (~> 9.0, >= 9.0.4)
      cucumber-core (~> 11.0, >= 11.0.0)
      cucumber-cucumber-expressions (~> 15.1, >= 15.1.1)
      cucumber-gherkin (~> 23.0, >= 23.0.1)
      cucumber-html-formatter (~> 19.1, >= 19.1.0)
      cucumber-messages (~> 18.0, >= 18.0.0)
      diff-lcs (~> 1.5, >= 1.5.0)
      mime-types (~> 3.4, >= 3.4.1)
      multi_test (~> 1.1, >= 1.1.0)
      sys-uname (~> 1.2, >= 1.2.2)
    cucumber-ci-environment (9.0.4)
    cucumber-core (11.0.0)
      cucumber-gherkin (~> 23.0, >= 23.0.1)
      cucumber-messages (~> 18.0, >= 18.0.0)
      cucumber-tag-expressions (~> 4.1, >= 4.1.0)
    cucumber-cucumber-expressions (15.2.0)
    cucumber-gherkin (23.0.1)
      cucumber-messages (~> 18.0, >= 18.0.0)
    cucumber-html-formatter (19.2.0)
      cucumber-messages (~> 18.0, >= 18.0.0)
    cucumber-messages (18.0.0)
    cucumber-tag-expressions (4.1.0)
    diff-lcs (1.5.0)
    faye-websocket (0.11.1)
      eventmachine (>= 0.12.0)
      websocket-driver (>= 0.5.1)
    ffi (1.15.5-x64-mingw32)
    ffi (1.15.5-x86-mingw32)
    jaro_winkler (1.5.4)
    method_source (1.0.0)
    mime-types (3.4.1)
      mime-types-data (~> 3.2015)
    mime-types-data (3.2022.0105)
    multi_test (1.1.0)
    nokogiri (1.13.8-x64-mingw32)
      racc (~> 1.4)
    nokogiri (1.13.8-x86-mingw32)
      racc (~> 1.4)
    numerizer (0.1.1)
    parallel (1.22.1)
    parser (3.1.2.0)
      ast (~> 2.4.1)
    powerpack (0.1.3)
    pry (0.13.1)
      coderay (~> 1.1)
      method_source (~> 1.0)
    racc (1.6.0)
    rainbow (3.1.1)
    rexml (3.2.5)
    rubocop (0.64.0)
      jaro_winkler (~> 1.5.1)
      parallel (~> 1.10)
      parser (>= 2.5, != 2.5.1.1)
      powerpack (~> 0.1)
      rainbow (>= 2.2.2, < 4.0)
      ruby-progressbar (~> 1.7)
      unicode-display_width (~> 1.4.0)
    ruby-progressbar (1.11.0)
    rubyzip (2.3.2)
    selenium-webdriver (4.1.0)
      childprocess (>= 0.5, < 5.0)
      rexml (~> 3.2, >= 3.2.5)
      rubyzip (>= 1.2.2)
    spec (5.3.4)
      chronic_duration (~> 0.10.2)
    sys-uname (1.2.2)
      ffi (~> 1.1)
    thor (1.2.1)
    tomlrb (2.0.3)
    unicode-display_width (1.4.1)
    websocket-driver (0.7.5)
      websocket-extensions (>= 0.1.0)
    websocket-extensions (0.1.5)

PLATFORMS
  x64-mingw32
  x86-mingw32

DEPENDENCIES
  appium_console
  appium_lib (~> 12.0, >= 12.0.1)
  cucumber
  eventmachine (= 1.2.7)!
  rubocop (~> 0.64.0)

BUNDLED WITH
   1.17.2
